GEM
  remote: https://rubygems.org/
  specs:
    addressable (2.5.2)
      public_suffix (>= 2.0.2, < 4.0)
    ast (2.3.0)
    facter (2.5.1)
    faraday (0.9.2)
      multipart-post (>= 1.2, < 3)
    faraday_middleware (0.10.1)
      faraday (>= 0.7.4, < 1.0)
    fast_gettext (1.1.0)
    gettext (3.2.4)
      locale (>= 2.0.5)
      text (>= 1.3.0)
    gettext-setup (0.28)
      fast_gettext (~> 1.1.0)
      gettext (>= 3.0.2)
      locale
    hiera (3.4.2)
    json-schema (2.8.0)
      addressable (>= 2.4)
    librarian-puppet (2.2.3)
      librarianp (>= 0.6.3)
      puppet_forge (~> 2.1)
      rsync
    librarianp (0.6.4)
      thor (~> 0.15)
    locale (2.1.2)
    metadata-json-lint (2.0.2)
      json-schema (~> 2.8)
      spdx-licenses (~> 1.0)
    minitar (0.6.1)
    multipart-post (2.0.0)
    parser (2.4.0.0)
      ast (~> 2.2)
    public_suffix (3.0.0)
    puppet (5.3.2)
      facter (> 2.0, < 4)
      gettext-setup (>= 0.10, < 1)
      hiera (>= 3.2.1, < 4)
      locale (~> 2.1)
    puppet-lint (2.3.3)
    puppet_forge (2.2.7)
      faraday (~> 0.9.0)
      faraday_middleware (>= 0.9.0, < 0.11.0)
      gettext-setup (~> 0.11)
      minitar
      semantic_puppet (~> 1.0)
    rsync (1.0.9)
    ruby-lint (2.3.1)
      parser (~> 2.2)
      slop (~> 3.4, >= 3.4.7)
    semantic_puppet (1.0.1)
      gettext-setup (>= 0.3)
    slop (3.6.0)
    spdx-licenses (1.1.0)
    text (1.3.1)
    thor (0.20.0)

PLATFORMS
  ruby

DEPENDENCIES
  librarian-puppet
  metadata-json-lint
  puppet
  puppet-lint
  ruby-lint
  semantic_puppet

BUNDLED WITH
   1.15.4
