GEM
  remote: https://rubygems.org/
  specs:
    CFPropertyList (2.3.6)
    addressable (2.5.2)
      public_suffix (>= 2.0.2, < 4.0)
    ast (2.4.0)
    facter (2.5.1)
      CFPropertyList (~> 2.2)
    faraday (0.13.1)
      multipart-post (>= 1.2, < 3)
    faraday_middleware (0.12.2)
      faraday (>= 0.7.4, < 1.0)
    fast_gettext (1.1.2)
    gettext (3.2.9)
      locale (>= 2.0.5)
      text (>= 1.3.0)
    gettext-setup (0.30)
      fast_gettext (~> 1.1.0)
      gettext (>= 3.0.2)
      locale
    hiera (3.4.5)
    hocon (1.2.5)
    httpclient (2.8.3)
    json-schema (2.8.1)
      addressable (>= 2.4)
    librarian-puppet (3.0.0)
      librarianp (>= 0.6.3)
      puppet_forge (~> 2.1)
      rsync
    librarianp (0.6.4)
      thor (~> 0.15)
    locale (2.1.2)
    metadata-json-lint (2.2.0)
      json-schema (~> 2.8)
      spdx-licenses (~> 1.0)
    minitar (0.6.1)
    multi_json (1.13.1)
    multipart-post (2.0.0)
    parser (2.5.1.2)
      ast (~> 2.4.0)
    public_suffix (3.0.3)
    puppet (6.0.2)
      CFPropertyList (~> 2.2)
      facter (> 2.0.1, < 4)
      fast_gettext (~> 1.1.2)
      hiera (>= 3.2.1, < 4)
      httpclient (~> 2.8)
      locale (~> 2.1)
      multi_json (~> 1.10)
      puppet-resource_api (~> 1.5)
      semantic_puppet (~> 1.0)
    puppet-lint (2.3.6)
    puppet-resource_api (1.6.0)
      hocon (>= 1.0)
    puppet_forge (2.2.9)
      faraday (>= 0.9.0, < 0.14.0)
      faraday_middleware (>= 0.9.0, < 0.13.0)
      gettext-setup (~> 0.11)
      minitar
      semantic_puppet (~> 1.0)
    rsync (1.0.9)
    ruby-lint (2.3.1)
      parser (~> 2.2)
      slop (~> 3.4, >= 3.4.7)
    semantic_puppet (1.0.2)
    slop (3.6.0)
    spdx-licenses (1.2.0)
    text (1.3.1)
    thor (0.20.0)

PLATFORMS
  ruby

DEPENDENCIES
  librarian-puppet
  metadata-json-lint
  puppet
  puppet-lint
  ruby-lint
  semantic_puppet

BUNDLED WITH
   1.13.6
